GEM
  specs:

GEM
  remote: https://rubygems.org/
  specs:
    activefunction (0.3.4)
      ruby-next-core (>= 0.14.0)
    ansi (1.5.0)
    ast (2.4.2)
    builder (3.2.4)
    byebug (11.1.3)
    coderay (1.1.3)
    diff-lcs (1.5.0)
    dotenv (2.8.1)
    ffi (1.15.5)
    interactor (3.1.2)
    listen (3.8.0)
      rb-fsevent (~> 0.10, >= 0.10.3)
      rb-inotify (~> 0.9, >= 0.9.10)
    method_source (1.0.0)
    minitest (5.15.0)
    minitest-reporters (1.4.3)
      ansi
      builder
      minitest (>= 5.0)
      ruby-progressbar
    mocha (2.1.0)
      ruby2_keywords (>= 0.0.5)
    parallel (1.22.1)
    parser (3.1.3.0)
      ast (~> 2.4.1)
    pry (0.14.1)
      coderay (~> 1.1)
      method_source (~> 1.0)
    pry-byebug (3.10.1)
      byebug (~> 11.0)
      pry (>= 0.13, < 0.15)
    rack (3.0.0)
    rackup (2.1.0)
      rack (>= 3)
      webrick (~> 1.8)
    rainbow (3.1.1)
    rake (13.0.6)
    rb-fsevent (0.11.2)
    rb-inotify (0.10.1)
      ffi (~> 1.0)
    regexp_parser (2.6.1)
    rexml (3.2.5)
    rubocop (1.29.1)
      parallel (~> 1.10)
      parser (>= 3.1.0.0)
      rainbow (>= 2.2.2, < 4.0)
      regexp_parser (>= 1.8, < 3.0)
      rexml (>= 3.2.5, < 4.0)
      rubocop-ast (>= 1.17.0, < 2.0)
      ruby-progressbar (~> 1.7)
      unicode-display_width (>= 1.4.0, < 3.0)
    rubocop-ast (1.24.0)
      parser (>= 3.1.1.0)
    rubocop-performance (1.13.3)
      rubocop (>= 1.7.0, < 2.0)
      rubocop-ast (>= 0.4.0)
    rubocop-rake (0.6.0)
      rubocop (~> 1.0)
    rubocop-shopify (2.6.0)
      rubocop (~> 1.29)
    ruby-next (0.15.3)
      ruby-next-core (= 0.15.3)
      ruby-next-parser (>= 3.1.1.0)
      unparser (~> 0.6.0)
    ruby-next-core (0.15.3)
    ruby-next-parser (3.1.1.3)
      parser (>= 3.0.3.1)
    ruby-progressbar (1.11.0)
    ruby2_keywords (0.0.5)
    standard (1.12.1)
      rubocop (= 1.29.1)
      rubocop-performance (= 1.13.3)
    unicode-display_width (2.3.0)
    unparser (0.6.5)
      diff-lcs (~> 1.3)
      parser (>= 3.1.0)
    webrick (1.8.1)
    zeitwerk (2.6.8)

PLATFORMS
  arm64-darwin-21
  arm64-darwin-22
  ruby

DEPENDENCIES
  activefunction!
  dotenv!
  interactor (~> 3.1)!
  listen (~> 3.8.0)!
  minitest (~> 5.15.0)!
  minitest-reporters (~> 1.4.3)!
  mocha!
  pry!
  pry-byebug!
  rack (= 3.0.0)!
  rackup!
  rake (>= 13.0)!
  rubocop (~> 1.29.0)!
  rubocop-performance!
  rubocop-rake!
  rubocop-shopify!
  ruby-next!
  standard (~> 1.12.1)!
  zeitwerk (>= 2.6)!

BUNDLED WITH
   2.3.26
